PATH
  remote: .
  specs:
    functional (0.0.1)

GEM
  remote: http://rubygems.org/
  specs:
    activemodel (3.2.2)
      activesupport (= 3.2.2)
      builder (~> 3.0.0)
    activerecord (3.2.2)
      activemodel (= 3.2.2)
      activesupport (= 3.2.2)
      arel (~> 3.0.2)
      tzinfo (~> 0.3.29)
    activesupport (3.2.2)
      i18n (~> 0.6)
      multi_json (~> 1.0)
    arel (3.0.2)
    builder (3.0.0)
    diff-lcs (1.1.3)
    faker (1.0.1)
      i18n (~> 0.4)
    ffi (1.0.11)
    guard (1.0.1)
      ffi (>= 0.5.0)
      thor (~> 0.14.6)
    guard-bundler (0.1.3)
      bundler (>= 1.0.0)
      guard (>= 0.2.2)
    guard-rspec (0.6.0)
      guard (>= 0.10.0)
    hashr (0.0.19)
    i18n (0.6.0)
    multi_json (1.1.0)
    rake (0.9.2.2)
    rb-fsevent (0.9.0)
    rr (1.0.4)
    rspec-core (2.8.0)
    rspec-expectations (2.8.0)
      diff-lcs (~> 1.1.2)
    sqlite3 (1.3.5)
    thor (0.14.6)
    travis-lint (1.4.0)
      hashr (>= 0.0.19)
    tzinfo (0.3.32)

PLATFORMS
  ruby

DEPENDENCIES
  activerecord
  faker
  functional!
  guard
  guard-bundler
  guard-rspec
  rake
  rb-fsevent
  rr
  rspec-core
  rspec-expectations
  sqlite3
  travis-lint
